RESTRICTION: == net452
NUGET
  remote: https://www.nuget.org/api/v2
    FsCheck (2.13)
      FSharp.Core (>= 4.2.3)
    FSharp.Core (4.5.4)
